GEM
  remote: https://rubygems.org/
  specs:
    addressable (2.8.0)
      public_suffix (>= 2.0.2, < 5.0)
    bibtex-ruby (6.0.0)
      latex-decode (~> 0.0)
    iso639 (1.3.2)
    latex-decode (0.3.2)
    nokogiri (1.11.7-x86_64-darwin)
      racc (~> 1.4)
    nokogiri (1.11.7-x86_64-linux)
      racc (~> 1.4)
    public_suffix (4.0.6)
    racc (1.5.2)
    relaton-bib (1.8.2)
      addressable
      bibtex-ruby
      iso639
      nokogiri
    relaton-nist (1.8.0)
      relaton-bib (~> 1.8.0)
      rubyzip
    rubyzip (2.3.2)

PLATFORMS
  x86_64-darwin-18
  x86_64-darwin-20
  x86_64-linux

DEPENDENCIES
  relaton-nist

BUNDLED WITH
   2.2.21
